GEM
  remote: https://rubygems.org/
  specs:
    activesupport (3.2.22.2)
      i18n (~> 0.6, >= 0.6.4)
      multi_json (~> 1.0)
    i18n (0.7.0)
    multi_json (1.11.2)
    rack (1.5.5)
    rack-test (0.6.3)
      rack (>= 1.0)
    sass (3.4.21)
    serve (1.5.2)
      activesupport (~> 3.2.12)
      i18n
      rack (~> 1.5.2)
      rack-test (~> 0.6.2)
      tilt (~> 1.3.3)
      tzinfo
    slim (3.0.6)
      temple (~> 0.7.3)
      tilt (>= 1.3.3, < 2.1)
    temple (0.7.6)
    thread_safe (0.3.5)
    tilt (1.3.7)
    tzinfo (1.2.2)
      thread_safe (~> 0.1)

PLATFORMS
  ruby
  x86-mingw32

DEPENDENCIES
  sass
  serve
  slim

BUNDLED WITH
   1.11.2
